GEM
  remote: https://rubygems.org/
  specs:
    ast (2.4.0)
    fastimage (2.1.5)
    jaro_winkler (1.5.3)
    minitest (5.11.3)
    parallel (1.17.0)
    parser (2.6.3.0)
      ast (~> 2.4.0)
    rainbow (3.0.0)
    rake (12.3.2)
    rubocop (0.72.0)
      jaro_winkler (~> 1.5.1)
      parallel (~> 1.10)
      parser (>= 2.6)
      rainbow (>= 2.2.2, < 4.0)
      ruby-progressbar (~> 1.7)
      unicode-display_width (>= 1.4.0, < 1.7)
    rubocop-performance (1.4.0)
      rubocop (>= 0.71.0)
    ruby-progressbar (1.10.1)
    safe_yaml (1.0.5)
    unicode-display_width (1.6.0)

PLATFORMS
  ruby
192.168.0.1,http://192.168.0.1/,admin,admin
192.168.0.1,http://192.168.0.1/,admin,www
192.168.0.1,http://192.168.0.1/,www,www
192.168.1.1,http://192.168.1.1/,admin,admin
my.ent.1password.com,https://my.ent.1password.com/signin,YASYA1100@GMAIL.COM,yasya1100@gmail.com
my.1password.eu,https://my.1password.eu/sign-up/master-password,,yasya1100@gmail.com
accounts.acestream.net,https://accounts.acestream.net/login,yasya1100@gmail.com,80952556400
user299000.acestream.net,https://user299000.acestream.net/login,yasya1100@gmail.com,80952556400
www.forum.alabamarp.ru,http://www.forum.alabamarp.ru/index.php,dnbssk prchk,max0995051611
www.forum.alabamarp.ru,http://www.forum.alabamarp.ru/index.php,petrishin.98@bk.ru,max0995051611
www.amazon.com,https://www.amazon.com/ap/signin,,80952556400
appleid.apple.com,https://appleid.apple.com/account,yasya1100@gmail.com,Yasya_1100
idmsa.apple.com,https://idmsa.apple.com/appleauth/auth/authorize/signin,yasya1100@gmail.com,Yasya_1100
secure1.store.apple.com,https://secure1.store.apple.com/ru/shop/sign_in/specialists,yasya1100@gmail.com,Yasya_1100
archive.org,https://archive.org/account/login.createaccount.php,yasya1100,80952556400
archive.org,https://archive.org/account/login.php,yasya1100@gmail.com,80952556400
forum.arizona-rp.com,http://forum.arizona-rp.com/index.php,Darontay Mcclendon,000000
forum.arizona-rp.com,http://forum.arizona-rp.com/index.php,maksim.petrishi98@mail.ru,000000
ask.fm,http://ask.fm/karina_frolova97,Maksim_Petrishin,max0995051611
bdsmboard.org,http://bdsmboard.org/register.php,Yasya,80952556400
vault.bitwarden.com,https://vault.bitwarden.com/,xxx,80952556400
vault.bitwarden.com,https://vault.bitwarden.com/,yasya1100@gmail.com,80952556400
secure.booking.com,https://secure.booking.com/mysettings.ru.html,petrishin.98@bk.ru,00000000
dropmefiles.net,https://dropmefiles.net/login/,yasya1100@gmail.com,yasya1100@gmail.com
auth.drp.su,http://auth.drp.su/ru/registration,www,80952556400
www.drtuber.com,http://www.drtuber.com/hd,_yasya_,hoCAURr7
www.drtuber.com,https://www.drtuber.com/hd,_yasya_,hoCAURr7
www.eporner.com,https://www.eporner.com/,Yasya,80952556400
www.eporner.com,https://www.eporner.com/search/fisting/,Yasya,80952556400
everhelper.me,http://everhelper.me/auth/,yasya1100@gmail.com,MkNGqtagfqPs
evernote.com,https://evernote.com/intl/ru/,yasya1100@gmail.com,80952556400
www.evernote.com,https://www.evernote.com/OauthAssociation.action,yasya1100@gmail.com,80952556400
mail.ex.ua,https://mail.ex.ua/,yasya1100,0952556400
www.facebook.com,https://www.facebook.com/r.php,+380952556400,+380952556400
m.facebook.com,https://m.facebook.com/login.php,+380952556400,+380952556400
www.facebook.com,https://www.facebook.com/login.php,380952556400,+380952556400
fex.net,https://fex.net/,yasya_1100,+380952556400
www.first.org,https://www.first.org/signin,yasya1100@gmail.com,+380952556400
learning.first.org,https://learning.first.org/register,yasya1100@gmail.com,+380952556400
www.fisting.com,http://www.fisting.com/user/register,yasya1100@gmail.com,80952556400
fs.to,http://fs.to/video/films/view/ix5hlyiznji8fWdyk0gFTa,РІР°С€ e-mail,РІР°С€ РїР°СЂРѕР»СЊ
geometria.ru,http://geometria.ru/events/other/2017/6/24/990158/pictures/62256385,petrishin.98@bk.ru,000000
secure.getinbank.pl,https://secure.getinbank.pl/,,yasya80952556400
github.com,https://github.com/join,yasya1100@gmail.com,yasya1100@gmail.com
accounts.google.com,https://accounts.google.com/signin/v2/sl/pwd,iren0508110274,+380508110274
accounts.google.com,https://accounts.google.com/ServiceLogin,iren0508110274@gmail.com,+380508110274
accounts.google.com,https://accounts.google.com/ServiceLoginAuth,petrishi.maksim98@gmail.com,max0995051611max
accounts.google.com,https://accounts.google.com/ServiceLogin,xxx@fistingxxx.com,80952556400
accounts.google.com,https://accounts.google.com/signin/v2/sl/pwd,xxx@fistingxxxnet.com,80952556400
accounts.google.com,https://accounts.google.com/signin/v2/sl/pwd,xxx@xxxfisting.info,80952556400
accounts.google.com,https://accounts.google.com/AddSession,yasya.cherbakov1984@gmail.com,yasya.cherbakov1984
accounts.google.com,https://accounts.google.com/ServiceLogin,yasya1100@gmail.com,80952556400
accounts.google.com,https://accounts.google.com/ServiceLogin/identifier,yasya1100@gmail.com,80952556400
gsuite.google.com,https://gsuite.google.com/signup/basic/accountandrecaptcha,Yasya,80952556400
gsuite.google.com,https://gsuite.google.com/signup/basic/account,xxx,80952556400
www.hardsextube.com,http://www.hardsextube.com/,yasya,80952556400
www.hardsextube.com,http://www.hardsextube.com/video/916430/mature-mistress,yasya,80952556400
www.hdfreeporno.net,http://www.hdfreeporno.net/login,Yasya,80952556400
www.hdfreeporno.site,http://www.hdfreeporno.site/login,yasya1100,80952556400
www.hubtraffic.com,https://www.hubtraffic.com/account/create,yasya1100,80952556400
toloka.hurtom.com,https://toloka.hurtom.com/profile.php,yasya1100@gmail.com,+380952556400
www.instagram.com,https://www.instagram.com/accounts/signup/,yasya1100,80952556400
keepersecurity.com,https://keepersecurity.com/vault/,yasya1100@gmail.com,+380952556400
www.kink.com,http://www.kink.com/login,yasya1100,80952556400
kismia.com,https://kismia.com/ac/cbaace03ad0b69e80b3e07209cb7b9aab9c046bd5,yasya1100@mail.ru,80952556400
www.kryptex.org,https://www.kryptex.org/register,yasya1100@gmail.com,a5iWbMDNTtaKKP8
www.linkedin.com,https://www.linkedin.com/signup/cold-join,iren0508110274@gmail.com,80952556400
www.linkedin.com,https://www.linkedin.com/uas/login,yasya1100@gmail.com,80952556400
login.live.com,https://login.live.com/ppsecure/post.srf,+380 95 255 6400,98maxik98
login.live.com,https://login.live.com/login.srf,masya8232,98maxik98
login.live.com,https://login.live.com/login.srf,yasya1100@gmail.com,+380508110274
outlook.live.com,https://outlook.live.com/mail/options/mail/accounts,+380 95 255 6400,80952556400
www.livejournal.com,https://www.livejournal.com/identity/callback-google.bml,yasya1100,5m63PViVUBmKmBs
mail.ru,https://mail.ru/,yasya1100,+380952556400
account.mail.ru,https://account.mail.ru/login/,petrishin.98,max0995051611max
cloud.mail.ru,https://cloud.mail.ru/home/,yasya1100,+380952556400
e.mail.ru,https://e.mail.ru/login,yasya1100,+380952556400
touch.mail.ru,https://touch.mail.ru/login,yasya1100,+380952556400
www.mediawiki.org,https://www.mediawiki.org/w/index.php,yasya1100,80952556400
mega.nz,https://mega.nz/,yasya1100@gmail.com,80952556400
www.myshared.ru,http://www.myshared.ru/user/index/socialauth/,yasya1100@gmail.com,80952556400
www.noip.com,https://www.noip.com/login,yasya1100@gmail.com,+380952556400
my.nudevista.tv,http://my.nudevista.tv/,Yasya,c0dcp
www.ok.ru,https://www.ok.ru/dk,+380952556400,ira1976
ok.ru,https://ok.ru/dk,+380952556400,ira1976
ok.ru,http://ok.ru/dk,dongle1967,class15
www.olx.ua,https://www.olx.ua/account/,yasya1100@gmail.com,+380952556400
only-soft.org,https://only-soft.org/profile.php,yasya1100,80952556400
www.passwordtote.com,https://www.passwordtote.com/online/newuser.aspx,yasya1100,80952556400
pedsovet.org,"http://pedsovet.org/component/option,com_mtree/task,viewlink/link_id,46711/Itemid,118/",yasya1100@gmail.com,0508110274
new.pedsovet.org,http://new.pedsovet.org/registration,yasya1100@gmail.com,0508110274
ru.porn.com,https://ru.porn.com/join,yasya1100,80952556400
www.pornhub.com,https://www.pornhub.com/channels,Yasya,yasya_1100
www.pornhub.com,https://www.pornhub.com/create_account_select,yasya1100@gmail.com,80952556400
rt.pornhub.com,https://rt.pornhub.com/video/search,Yasya,80952556400
rt.pornhub.com,http://rt.pornhub.com/,Yasya,yasya_1100
rt.pornhub.com,https://rt.pornhub.com/playlist/67427132,Yasya1100,80952556400
rt.pornhub.com,https://rt.pornhub.com/view_video.php,yasya1100@gmail.com,80952556400
rt.pornhubpremium.com,https://rt.pornhubpremium.com/premium_signup,yasya1100,80952556400
ru.pornhubpremium.com,http://ru.pornhubpremium.com/premium_signup,Yasya,yasya_1100
pornolab.net,http://pornolab.net/forum/login.php,80952556400,80952556400
login-widget.privat24.ua,https://login-widget.privat24.ua/,,Yasya1100
privoz.ua,https://privoz.ua/cabinet,yasya1100@gmail.com,zsscnf14
privoz.ua,https://privoz.ua/,yasya1100@gmail.com,zsscnf14
prostoporno.net,https://prostoporno.net/,yasya1100@gmail.com,c0e320dd59
prostoporno.net,https://prostoporno.net/videos/101117/,yasya1100@gmail.com,c0e320dd59
www.redtube.com,http://www.redtube.com/htmllogin,Yasya,+380952556400
remont-aud.net,http://remont-aud.net/index/,yasya,+380952556400
auth.riotgames.com,https://auth.riotgames.com/login,80952556400,80952556400
rutracker.org,https://rutracker.org/forum/profile.php,80952556400,c0SG0
samp-server.ru,http://samp-server.ru/forum/,Р”РјРёС‚СЂРёР№ РЁРµР»РµС…РѕРІ,000000
servers-samp.ru,http://servers-samp.ru/registration,maksim.petrishi98@mail.ru,max0995051611
www.slideshare.net,https://www.slideshare.net/login,yasya1100@gmail.com,80952556400
urp.ssu.gov.ua,https://urp.ssu.gov.ua/,tbek8a,3iyyrt
help.steampowered.com,https://help.steampowered.com/ru/wizard/Login,yasya_1100,80952556400
store.steampowered.com,https://store.steampowered.com/join/,Yasya_1100,80952556400
the.suite.st,https://the.suite.st/registration,,CIvtothcimcebT2
login.teamviewer.com,https://login.teamviewer.com/LogOn,Yasya,+80952556400
www.top-page.ru,http://www.top-page.ru/,yasya1100@gmail.com,80952556400
www.torrentino.me,http://www.torrentino.me/user/register,yasya1100@gmail.com,80952556400
www.tubxporn.com,http://www.tubxporn.com/signup.php,_Yasya_,80952556400
www.tumblr.com,https://www.tumblr.com/login,,80952556400
twitter.com,https://twitter.com/login,yasya1100@gmail.com,+380952556400
api.twitter.com,https://api.twitter.com/oauth/authorize,yasya1100@gmail.com,+380952556400
uid.me,https://uid.me/,yasya1100@gmail.com,80952556400
login.uid.me,https://login.uid.me/,yasya1100@gmail.com,80952556400
www.wevideo.com,https://www.wevideo.com/hub,xxx,80952556400
login.wordpress.org,https://login.wordpress.org/wp-login.php,yasya1100@gmail.com,+380952556400
www.work.ua,https://www.work.ua/jobseeker/login/,yasya1100@gmail.com,80952556400
xakep.ru,https://xakep.ru/wp-login.php,Yasya,80952556400
xakep.ru,https://xakep.ru/wp-login.php,yasya1100@gmail.com,80952556400
www.xvideos.com,https://www.xvideos.com/best/2018-01,yasya1100,80952556400
www.xvideos.com,https://www.xvideos.com/best/2018-01,yasya1100@gmail.com,80952556400
passport.yandex.ru,https://passport.yandex.ru/registration,www,80952556400
passport.yandex.ru,https://passport.yandex.ru/auth,yasya.www,80952556400
disk.yandex.ua,https://disk.yandex.ua/client/disk,yasya1100@gmail.com,80952556400
passport.yandex.ua,https://passport.yandex.ua/auth,yasya1100@gmail.com,80952556400
www.youporn.com,https://www.youporn.com/login/,_Yasya_,80952556400
ru.youporn.com,http://ru.youporn.com/search/,_Yasya_,80952556400
www.youpornpremium.com,https://www.youpornpremium.com/premium_signup,80952556400,0952556400
www.youpornru.com,http://www.youpornru.com/login/,_Yasya_,80952556400
www.youpornru.com,https://www.youpornru.com/login/,_Yasya_,80952556400
DEPENDENCIES
  fastimage
  minitest
  rake
  rubocop
  rubocop-performance
  safe_yaml

BUNDLED WITH
   1.16.1
